GIT
  remote: https://github.com/pjezusek/guard-busted.git
  revision: 11eb42713cf07fbe06eb6ec0c5964ae7a6d62ac1
  branch: develop
  specs:
    guard-busted (1.0.1)
      guard (~> 2.18)

GEM
  remote: https://rubygems.org/
  specs:
    coderay (1.1.3)
    ffi (1.17.0-x86_64-linux-gnu)
    formatador (1.1.0)
    guard (2.18.1)
      formatador (>= 0.2.4)
      listen (>= 2.7, < 4.0)
      lumberjack (>= 1.0.12, < 2.0)
      nenv (~> 0.1)
      notiffany (~> 0.0)
      pry (>= 0.13.0)
      shellany (~> 0.0)
      thor (>= 0.18.1)
    listen (3.9.0)
      rb-fsevent (~> 0.10, >= 0.10.3)
      rb-inotify (~> 0.9, >= 0.9.10)
    lumberjack (1.2.10)
    method_source (1.1.0)
    nenv (0.3.0)
    notiffany (0.1.3)
      nenv (~> 0.1)
      shellany (~> 0.0)
    pry (0.14.2)
      coderay (~> 1.1)
      method_source (~> 1.0)
    rb-fsevent (0.11.2)
    rb-inotify (0.11.1)
      ffi (~> 1.0)
    shellany (0.0.1)
    thor (1.3.1)

PLATFORMS
  ruby
  x86_64-linux

DEPENDENCIES
  guard-busted!

BUNDLED WITH
   2.5.3
